GEM
  remote: https://rubygems.org/
  specs:
    json (2.0.3)
    mini_portile2 (2.1.0)
    mustermann (2.0.2)
      ruby2_keywords (~> 0.0.1)
    nokogiri (1.7.0.1)
      mini_portile2 (~> 2.1.0)
    puma (3.11.4)
    rack (2.2.4)
    rack-protection (2.2.3)
      rack
    ruby2_keywords (0.0.5)
    sinatra (2.2.3)
      mustermann (~> 2.0)
      rack (~> 2.2)
      rack-protection (= 2.2.3)
      tilt (~> 2.0)
    thor (0.19.4)
    tilt (2.0.11)

PLATFORMS
  ruby

DEPENDENCIES
  json
  nokogiri
  puma
  sinatra
  thor

RUBY VERSION
   ruby 2.3.1p112

BUNDLED WITH
   1.14.3
