GEM
  remote: https://rubygems.org/
  specs:
    json (2.0.3)
    mini_portile2 (2.1.0)
    mustermann (1.0.0)
    nio4r (2.5.8)
    nokogiri (1.7.0.1)
      mini_portile2 (~> 2.1.0)
    puma (4.3.9)
      nio4r (~> 2.0)
    rack (2.0.5)
    rack-protection (2.0.0)
      rack
    sinatra (2.0.0)
      mustermann (~> 1.0)
      rack (~> 2.0)
      rack-protection (= 2.0.0)
      tilt (~> 2.0)
    thor (0.19.4)
    tilt (2.0.8)

PLATFORMS
  ruby

DEPENDENCIES
  json
  nokogiri
  puma
  sinatra
  thor

RUBY VERSION
   ruby 2.3.1p112

BUNDLED WITH
   1.14.3
