GEM
  remote: https://rubygems.org/
  specs:
    json (2.0.3)
    mini_portile2 (2.6.1)
    mustermann (1.0.0)
    nokogiri (1.12.5)
      mini_portile2 (~> 2.6.1)
      racc (~> 1.4)
    puma (3.11.4)
    racc (1.5.2)
    rack (2.0.5)
    rack-protection (2.0.0)
      rack
    sinatra (2.0.0)
      mustermann (~> 1.0)
      rack (~> 2.0)
      rack-protection (= 2.0.0)
      tilt (~> 2.0)
    thor (0.19.4)
    tilt (2.0.8)

PLATFORMS
  ruby

DEPENDENCIES
  json
  nokogiri
  puma
  sinatra
  thor

RUBY VERSION
   ruby 2.3.1p112

BUNDLED WITH
   1.14.3
