GEM
  remote: https://rubygems.org/
  specs:
    json (2.0.3)
    mini_portile2 (2.1.0)
    nokogiri (1.7.0.1)
      mini_portile2 (~> 2.1.0)
    thor (0.19.4)

PLATFORMS
  ruby

DEPENDENCIES
  json
  nokogiri
  thor

RUBY VERSION
   ruby 2.3.1p112

BUNDLED WITH
   1.14.3
